GEM
  remote: https://rubygems.org/
  specs:
    rack (1.6.13)
    vienna (0.4.1)
      rack (~> 1.5)

PLATFORMS
  ruby

DEPENDENCIES
  rack (~> 1.6.13)
  vienna

BUNDLED WITH
   2.0.2
